GEM
  remote: http://rubygems.org/
  specs:
    actionmailer (2.3.9)
      actionpack (= 2.3.9)
    actionpack (2.3.9)
      activesupport (= 2.3.9)
      rack (~> 1.1.0)
    activerecord (2.3.9)
      activesupport (= 2.3.9)
    activeresource (2.3.9)
      activesupport (= 2.3.9)
    activesupport (2.3.9)
    authlogic (2.1.6)
      activesupport
    cgi_multipart_eof_fix (2.5.0)
    daemons (1.0.10)
    fastthread (1.0.7)
    gem_plugin (0.2.3)
    mongrel (1.1.5)
      cgi_multipart_eof_fix (>= 2.4)
      daemons (>= 1.0.3)
      fastthread (>= 1.0.1)
      gem_plugin (>= 0.2.3)
    mysql (2.8.1)
    rack (1.1.0)
    rails (2.3.9)
      actionmailer (= 2.3.9)
      actionpack (= 2.3.9)
      activerecord (= 2.3.9)
      activeresource (= 2.3.9)
      activesupport (= 2.3.9)
      rake (>= 0.8.3)
    rake (0.8.7)
    will_paginate (2.3.15)

PLATFORMS
  ruby

DEPENDENCIES
  authlogic
  mongrel
  mysql
  rails (~> 2.3.5)
  will_paginate (~> 2.3.14)
